GIT
  remote: https://github.com/tarrynn/kitman-cap-autoscale.git
  revision: 16dfd237e0592ae26f9298b267437a618a148eb6
  specs:
    kitman-cap-autoscale (1.0.2)
      aws-sdk (~> 2)
      capistrano (>= 3.0.0)

GEM
  remote: https://rubygems.org/
  specs:
    aws-sdk (2.11.15)
      aws-sdk-resources (= 2.11.15)
    aws-sdk-core (2.11.15)
      aws-sigv4 (~> 1.0)
      jmespath (~> 1.0)
    aws-sdk-resources (2.11.15)
      aws-sdk-core (= 2.11.15)
    aws-sigv4 (1.0.2)
    capistrano (3.4.1)
      i18n
      rake (>= 10.0.0)
      sshkit (~> 1.3)
    capistrano-bundler (1.3.0)
      capistrano (~> 3.1)
      sshkit (~> 1.2)
    capistrano-maintenance (1.2.0)
      capistrano (>= 3.0)
    capistrano-rbenv (2.1.3)
      capistrano (~> 3.1)
      sshkit (~> 1.3)
    concurrent-ruby (1.0.5)
    i18n (1.0.0)
      concurrent-ruby (~> 1.0)
    jmespath (1.3.1)
    net-scp (1.2.1)
      net-ssh (>= 2.6.5)
    net-ssh (4.2.0)
    rake (12.3.0)
    sshkit (1.16.0)
      net-scp (>= 1.1.2)
      net-ssh (>= 2.8.0)

PLATFORMS
  ruby

DEPENDENCIES
  capistrano (~> 3.4.1)
  capistrano-bundler
  capistrano-maintenance (~> 1.0)
  capistrano-rbenv
  kitman-cap-autoscale (~> 1.0)!
  net-ssh (~> 4.0)

BUNDLED WITH
   1.16.1
